GEM
  remote: https://rubygems.org/
  specs:
    json (2.3.0)
    metaclass (0.0.4)
    minitest (5.8.3)
    mocha (1.1.0)
      metaclass (~> 0.0.1)
    mustermann (1.1.1)
      ruby2_keywords (~> 0.0.1)
    rack (2.2.3)
    rack-cors (1.0.5)
      rack (>= 1.6.0)
    rack-protection (2.0.8.1)
      rack
    rake (12.3.3)
    ruby2_keywords (0.0.2)
    sinatra (2.0.8.1)
      mustermann (~> 1.0)
      rack (~> 2.0)
      rack-protection (= 2.0.8.1)
      tilt (~> 2.0)
    tilt (2.0.10)

PLATFORMS
  ruby

DEPENDENCIES
  json (~> 2.3)
  minitest (~> 5.8.3)
  mocha (~> 1.1.0)
  rack (>= 2.1.4)
  rack-cors (~> 1.0.5)
  rake (~> 12.3.3)
  sinatra (~> 2.0.5)

BUNDLED WITH
   2.1.4
