GEM
  remote: https://rubygems.org/
  specs:
    json (1.8.3)
    metaclass (0.0.4)
    minitest (5.8.3)
    mocha (1.1.0)
      metaclass (~> 0.0.1)
    rack (1.3.5)
    rack-cors (0.2.4)
      rack
    rack-protection (1.1.4)
      rack
    rake (10.3.2)
    sinatra (1.3.1)
      rack (~> 1.3, >= 1.3.4)
      rack-protection (~> 1.1, >= 1.1.2)
      tilt (~> 1.3, >= 1.3.3)
    tilt (1.3.3)

PLATFORMS
  ruby

DEPENDENCIES
  json (~> 1.8)
  minitest (~> 5.8.3)
  mocha (~> 1.1.0)
  rack-cors (~> 0.2.4)
  rake (~> 10.3.2)
  sinatra (~> 1.3.1)
