GEM
  remote: https://rubygems.org/
  specs:
    json (1.8.3)
    metaclass (0.0.4)
    minitest (5.8.3)
    mocha (1.1.0)
      metaclass (~> 0.0.1)
    rack (1.6.12)
    rack-cors (1.0.5)
      rack (>= 1.6.0)
    rack-protection (1.1.4)
      rack
    rake (12.3.3)
    sinatra (1.3.1)
      rack (~> 1.3, >= 1.3.4)
      rack-protection (~> 1.1, >= 1.1.2)
      tilt (~> 1.3, >= 1.3.3)
    tilt (1.3.3)

PLATFORMS
  ruby

DEPENDENCIES
  json (~> 1.8)
  minitest (~> 5.8.3)
  mocha (~> 1.1.0)
  rack-cors (~> 1.0.5)
  rake (~> 12.3.3)
  sinatra (~> 1.3.1)
