GEM
  remote: http://rubygems.org/
  specs:
    json (1.6.1)
    metaclass (0.0.1)
    mocha (0.11.4)
      metaclass (~> 0.0.1)
    rack (1.3.5)
    rack-cors (0.2.4)
      rack
    rack-protection (1.1.4)
      rack
    sinatra (1.3.1)
      rack (~> 1.3, >= 1.3.4)
      rack-protection (~> 1.1, >= 1.1.2)
      tilt (~> 1.3, >= 1.3.3)
    tilt (1.3.3)

PLATFORMS
  ruby

DEPENDENCIES
  json
  mocha
  rack-cors
  sinatra
