GEM
  remote: https://rubygems.org/
  specs:
    base64 (0.2.0)
    json (2.3.0)
    logger (1.6.1)
    metaclass (0.0.4)
    minitest (5.8.3)
    mocha (1.1.0)
      metaclass (~> 0.0.1)
    mustermann (3.0.3)
      ruby2_keywords (~> 0.0.1)
    rack (3.1.8)
    rack-cors (1.0.5)
      rack (>= 1.6.0)
    rack-protection (4.1.0)
      base64 (>= 0.1.0)
      logger (>= 1.6.0)
      rack (>= 3.0.0, < 4)
    rack-session (2.0.0)
      rack (>= 3.0.0)
    rake (12.3.3)
    ruby2_keywords (0.0.5)
    sinatra (4.1.0)
      logger (>= 1.6.0)
      mustermann (~> 3.0)
      rack (>= 3.0.0, < 4)
      rack-protection (= 4.1.0)
      rack-session (>= 2.0.0, < 3)
      tilt (~> 2.0)
    tilt (2.4.0)

PLATFORMS
  ruby

DEPENDENCIES
  json (~> 2.3)
  minitest (~> 5.8.3)
  mocha (~> 1.1.0)
  rack (>= 2.1.4)
  rack-cors (~> 1.0.5)
  rake (~> 12.3.3)
  sinatra (~> 4.1.0)

BUNDLED WITH
   2.1.4
